GIT
  remote: git://github.com/colszowka/phantomjs-gem.git
  revision: 38a722deeb7989e2de093fd628139266386492c1
  specs:
    phantomjs (2.1.1.0)

PATH
  remote: engines/announcements
  specs:
    announcements (0.0.1)
      activerecord-jdbcpostgresql-adapter
      carrierwave
      decorators (~> 1.0.2)
      kaminari
      kramdown
      maymay
      rails (~> 5.0)
      ransack
      sidekiq
      slim
      state_machine

PATH
  remote: engines/authentication
  specs:
    authentication (0.0.1)
      activerecord-jdbcpostgresql-adapter
      bootstrap_form
      rails (~> 5.0)
      sidekiq
      slim
      sorcery

PATH
  remote: engines/core
  specs:
    core (0.0.1)
      activerecord-jdbcpostgresql-adapter
      carrierwave
      clbustos-rtf
      decorators (~> 1.0.2)
      kaminari
      maymay
      mini_magick
      net-scp
      net-ssh
      rails (~> 5.0)
      ransack
      sidekiq
      sidekiq-failures
      slim
      sshkey
      state_machine

PATH
  remote: engines/face
  specs:
    face (0.0.1)
      activerecord-jdbcpostgresql-adapter
      bootstrap-datepicker-rails
      bootstrap_form
      coffee-rails
      jquery-rails
      kramdown
      nested_form
      rails (~> 5.0)
      russian
      sass-rails
      select2-rails
      slim
      therubyrhino
      underscore-rails

PATH
  remote: engines/sessions
  specs:
    sessions (0.0.1)
      activerecord-jdbcpostgresql-adapter
      carrierwave
      decorators (~> 1.0.2)
      kaminari
      maymay
      mini_magick
      rails (~> 5.0)
      ransack
      sidekiq
      slim
      state_machine

PATH
  remote: engines/statistics
  specs:
    statistics (0.0.1)
      activerecord-jdbcpostgresql-adapter
      kaminari
      maymay
      rails (~> 5.0)
      ransack
      sidekiq
      slim

PATH
  remote: engines/support
  specs:
    support (0.0.1)
      activerecord-jdbcpostgresql-adapter
      carrierwave
      decorators (~> 1.0.2)
      kaminari
      maymay
      mini_magick
      rails (~> 5.0)
      ransack
      sidekiq
      slim
      state_machine

PATH
  remote: engines/wiki
  specs:
    wiki (0.0.1)
      activerecord-jdbcpostgresql-adapter
      bootstrap_form
      maymay
      rails (~> 5.0)
      slim

GEM
  remote: https://rubygems.org/
  specs:
    actionmailer (5.2.4.4)
      actionpack (= 5.2.4.4)
      actionview (= 5.2.4.4)
      mail (~> 2.5, >= 2.5.4)
    actionpack (5.2.4.4)
      actionview (= 5.2.4.4)
      activesupport (= 5.2.4.4)
      rack (>= 2.0.0)
      rack-test (~> 1.1.0)
    actionview (5.2.4.4)
      activesupport (= 5.2.4.4)
      builder (~> 3.1)
      erubi (~> 1.4)
    activemodel (5.2.4.4)
      activesupport (= 5.2.4.4)
      builder (~> 3.1)
    active_record_union (1.3.0)
      activerecord (>= 4.0)
    activerecord (5.2.4.4)
      activemodel (= 5.2.4.4)
      activesupport (= 5.2.4.4)
      arel (~> 5.0.0)
    activerecord-import (1.0.7)
      activerecord (>= 3.2)
    activerecord-jdbc-adapter (1.3.25)
      activerecord (>= 5.0)
    activerecord-jdbcpostgresql-adapter (1.3.25)
      activerecord-jdbc-adapter (~> 1.3.25)
      jdbc-postgres (~> 9.1, <= 9.4.1206)
    activesupport (5.2.4.4)
      i18n (~> 0.6, >= 0.6.9)
      json (~> 1.7, >= 1.7.7)
      minitest (~> 5.1)
      thread_safe (~> 0.1)
      tzinfo (~> 1.1)
    addressable (2.5.2)
      public_suffix (>= 2.0.2, < 4.0)
    arel (5.0.1.20140414130214)
    bcrypt (3.1.16)
    bcrypt (3.1.16-java)
    bootstrap-datepicker-rails (1.9.0.1)
      railties (>= 3.0)
    bootstrap_form (2.7.0)
    builder (3.2.3)
    capybara (2.18.0)
      addressable
      mini_mime (>= 0.1.3)
      nokogiri (>= 1.3.3)
      rack (>= 2.0.0)
      rack-test (>= 1.0.0)
      xpath (>= 2.0, < 4.0)
    carrierwave (1.3.1)
      activemodel (>= 4.0.0)
      activesupport (>= 5.0)
      mime-types (>= 1.16)
    chartkick (3.0.1)
    choice (0.2.0)
    chronic (0.10.2)
    ckeditor (4.2.4)
      cocaine
      orm_adapter (~> 0.5.0)
    clbustos-rtf (0.5.0)
    climate_control (0.2.0)
    cliver (0.3.2)
    cocaine (0.6.0)
      terrapin (= 0.6.0)
    codeclimate-test-reporter (1.0.9)
      simplecov (<= 0.13)
    coderay (1.1.2)
    coffee-rails (4.2.2)
      coffee-script (>= 2.2.0)
      railties (>= 4.0.0)
    coffee-script (2.4.1)
      coffee-script-source
      execjs
    coffee-script-source (1.12.2)
    concurrent-ruby (1.1.3)
    config (1.7.0)
      activesupport (>= 5.0)
      deep_merge (~> 1.2.1)
      dry-validation (>= 0.10.4)
    connection_pool (2.2.3)
    database_cleaner (1.7.0)
    decorators (1.0.5)
      railties (>= 5.0.0, < 7)
    deep_merge (1.2.1)
    diff-lcs (1.3)
    docile (1.1.5)
    dry-configurable (0.7.0)
      concurrent-ruby (~> 1.0)
    dry-container (0.6.0)
      concurrent-ruby (~> 1.0)
      dry-configurable (~> 0.1, >= 0.1.3)
    dry-core (0.4.7)
      concurrent-ruby (~> 1.0)
    dry-equalizer (0.2.1)
    dry-inflector (0.1.2)
    dry-logic (0.4.2)
      dry-container (~> 0.2, >= 0.2.6)
      dry-core (~> 0.2)
      dry-equalizer (~> 0.2)
    dry-types (0.13.3)
      concurrent-ruby (~> 1.0)
      dry-container (~> 0.3)
      dry-core (~> 0.4, >= 0.4.4)
      dry-equalizer (~> 0.2)
      dry-inflector (~> 0.1, >= 0.1.2)
      dry-logic (~> 0.4, >= 0.4.2)
    dry-validation (0.12.2)
      concurrent-ruby (~> 1.0)
      dry-configurable (~> 0.1, >= 0.1.3)
      dry-core (~> 0.2, >= 0.2.1)
      dry-equalizer (~> 0.2)
      dry-logic (~> 0.4, >= 0.4.0)
      dry-types (~> 0.13.1)
    erubi (1.9.0)
    execjs (2.7.0)
    factory_bot (4.11.1)
      activesupport (>= 5.0)
    factory_girl (4.9.0)
      activesupport (>= 5.0)
    factory_girl-seeds (2.0.0)
      factory_bot
    factory_girl_rails (4.9.0)
      factory_girl (~> 4.9.0)
      railties (>= 5.0.0)
    faraday (1.1.0)
      multipart-post (>= 1.2, < 3)
      ruby2_keywords
    ffi (1.9.25)
    ffi (1.9.25-java)
    foreman (0.85.0)
      thor (~> 0.19.1)
    i18n (0.9.5)
      concurrent-ruby (~> 1.0)
    jdbc-postgres (9.4.1206)
    jquery-rails (3.1.5)
      railties (>= 5.0, < 7.0)
      thor (>= 0.14, < 2.0)
    jquery-ui-rails (6.0.1)
      railties (>= 5.0.0)
    json (1.8.6)
    json (1.8.6-java)
    jwt (2.2.2)
    kaminari (1.2.1)
      activesupport (>= 5.0)
      kaminari-actionview (= 1.2.1)
      kaminari-activerecord (= 1.2.1)
      kaminari-core (= 1.2.1)
    kaminari-actionview (1.2.1)
      actionview (>= 5.0)
      kaminari-core (= 1.2.1)
    kaminari-activerecord (1.2.1)
      activerecord
      kaminari-core (= 1.2.1)
    kaminari-core (1.2.1)
    kramdown (2.3.0)
      rexml
    launchy (2.4.3)
      addressable (~> 2.3)
    launchy (2.4.3-java)
      addressable (~> 2.3)
      spoon (~> 0.0.1)
    letter_opener (1.6.0)
      launchy (~> 2.2)
    libv8 (3.16.14.19)
    mail (2.7.1)
      mini_mime (>= 0.1.1)
    maymay (0.0.2)
    method_source (0.9.2)
    mime-types (3.3.1)
      mime-types-data (~> 3.2015)
    mime-types-data (3.2020.1104)
    mina (1.2.3)
      open4 (~> 1.3.4)
      rake
    mina-rbenv-addons (0.1)
      mina
    mini_magick (4.11.0)
    mini_mime (1.0.1)
    mini_portile2 (2.3.0)
    minitest (5.11.3)
    multi_json (1.13.1)
    multi_xml (0.6.0)
    multipart-post (2.1.1)
    nested_form (0.3.2)
    net-scp (3.0.0)
      net-ssh (>= 2.6.5, < 7.0.0)
    net-ssh (6.1.0)
    nokogiri (1.8.5)
      mini_portile2 (~> 2.3.0)
    nokogiri (1.8.5-java)
    oauth (0.5.4)
    oauth2 (1.4.4)
      faraday (>= 0.8, < 2.0)
      jwt (>= 1.0, < 3.0)
      multi_json (~> 1.3)
      multi_xml (~> 0.5)
      rack (>= 1.2, < 3)
    open4 (1.3.4)
    orm_adapter (0.5.0)
    pg (0.21.0)
    poltergeist (1.18.1)
      capybara (>= 2.1, < 4)
      cliver (~> 0.3.1)
      websocket-driver (>= 0.2.0)
    pry (0.12.2)
      coderay (~> 1.1.0)
      method_source (~> 0.9.0)
    pry (0.12.2-java)
      coderay (~> 1.1.0)
      method_source (~> 0.9.0)
      spoon (~> 0.0)
    pry-rails (0.3.8)
      pry (>= 0.10.4)
    public_suffix (3.0.3)
    puma (3.12.0)
    puma (3.12.0-java)
    quiet_assets (1.1.0)
      railties (>= 5.0)
    rack (2.2.3)
    rack-protection (2.0.7)
      rack
    rack-test (1.1.0)
      rack (>= 1.0, < 3)
    rails (5.2.4.4)
      actionmailer (= 5.2.4.4)
      actionpack (= 5.2.4.4)
      actionview (= 5.2.4.4)
      activemodel (= 5.2.4.4)
      activerecord (= 5.2.4.4)
      activesupport (= 5.2.4.4)
      bundler (>= 1.3.0)
      railties (= 5.2.4.4)
      sprockets-rails (>= 2.0)
    rails-erd (1.5.2)
      activerecord (>= 5.0)
      activesupport (>= 5.0)
      choice (~> 0.2.0)
      ruby-graphviz (~> 1.2)
    railties (5.2.4.4)
      actionpack (= 5.2.4.4)
      activesupport (= 5.2.4.4)
      rake (>= 0.8.7)
      thor (>= 0.18.1, < 2.0)
    rake (12.3.1)
    ransack (2.1.1)
      actionpack (>= 5.0)
      activerecord (>= 5.0)
      activesupport (>= 5.0)
      i18n
    redis (4.2.5)
    ref (2.0.0)
    rexml (3.2.4)
    rollbar (2.18.0)
      multi_json
    rspec-core (3.8.0)
      rspec-support (~> 3.8.0)
    rspec-expectations (3.8.2)
      diff-lcs (>= 1.2.0, < 2.0)
      rspec-support (~> 3.8.0)
    rspec-mocks (3.8.0)
      diff-lcs (>= 1.2.0, < 2.0)
      rspec-support (~> 3.8.0)
    rspec-rails (3.8.1)
      actionpack (>= 5.0)
      activesupport (>= 5.0)
      railties (>= 5.0)
      rspec-core (~> 3.8.0)
      rspec-expectations (~> 3.8.0)
      rspec-mocks (~> 3.8.0)
      rspec-support (~> 3.8.0)
    rspec-support (3.8.0)
    ruby-graphviz (1.2.4)
    ruby2_keywords (0.0.2)
    russian (0.6.0)
      i18n (>= 0.5.0)
    sass-rails (6.0.0)
      sassc-rails (~> 2.1, >= 2.1.1)
    sassc (2.4.0)
      ffi (~> 1.9)
    sassc-rails (2.1.2)
      railties (>= 5.0.0)
      sassc (>= 2.0)
      sprockets (> 3.0)
      sprockets-rails
      tilt
    select2-rails (4.0.3)
      thor (~> 0.14)
    shoulda-matchers (3.1.2)
      activesupport (>= 5.0)
    sidekiq (5.2.8)
      connection_pool (~> 2.2, >= 2.2.2)
      rack (>= 2.0.0)
      rack-protection (>= 2.0.0)
      redis (>= 3.3.5, < 5)
    sidekiq-failures (1.0.0)
      sidekiq (>= 4.0.0)
    simplecov (0.13.0)
      docile (~> 1.1.0)
      json (>= 1.8, < 3)
      simplecov-html (~> 0.10.0)
    simplecov-html (0.10.2)
    sinatra (1.4.8)
      rack (>= 2.0.0)
      rack-protection (>= 2.0.0)
      tilt (>= 1.3, < 3)
    slim (4.1.0)
      temple (>= 0.7.6, < 0.9)
      tilt (>= 2.0.6, < 2.1)
    sorcery (0.15.0)
      bcrypt (~> 3.1)
      oauth (~> 0.4, >= 0.4.4)
      oauth2 (~> 1.0, >= 0.8.0)
    spoon (0.0.6)
      ffi
    sprockets (3.7.2)
      concurrent-ruby (~> 1.0)
      rack (> 1, < 3)
    sprockets-rails (2.3.3)
      actionpack (>= 5.0)
      activesupport (>= 5.0)
      sprockets (>= 2.8, < 4.0)
    sshkey (2.0.0)
    state_machine (1.2.0)
    temple (0.8.2)
    terrapin (0.6.0)
      climate_control (>= 0.0.3, < 1.0)
    therubyracer (0.12.3)
      libv8 (~> 3.16.14.15)
      ref
    therubyrhino (2.1.2)
      therubyrhino_jar (>= 1.7.4, < 1.7.9)
    therubyrhino_jar (1.7.8)
    thor (0.19.4)
    thread_safe (0.3.6)
    thread_safe (0.3.6-java)
    tilt (2.0.9)
    tzinfo (1.2.5)
      thread_safe (~> 0.1)
    uglifier (4.1.20)
      execjs (>= 0.3.0, < 3)
    underscore-rails (1.8.3)
    websocket-driver (0.7.0)
      websocket-extensions (>= 0.1.0)
    websocket-driver (0.7.0-java)
      websocket-extensions (>= 0.1.0)
    websocket-extensions (0.1.3)
    whenever (0.10.0)
      chronic (>= 0.6.3)
    will_paginate (3.1.6)
    will_paginate-bootstrap (1.0.1)
      will_paginate (>= 3.0.3)
    xpath (3.2.0)
      nokogiri (~> 1.8)

PLATFORMS
  java
  ruby

DEPENDENCIES
  activerecord-jdbcpostgresql-adapter (~> 1.3.21)
  announcements!
  authentication!
  capybara
  chartkick
  ckeditor
  codeclimate-test-reporter
  config
  core!
  database_cleaner
  decorators (~> 1.0.0)
  face!
  factory_girl-seeds
  factory_girl_rails
  foreman
  jquery-rails
  jquery-ui-rails
  letter_opener
  mina
  mina-rbenv-addons
  pg (~> 0.18)
  phantomjs!
  poltergeist
  pry-rails
  puma
  quiet_assets
  rails (~> 4.1.2)
  rails-erd
  rake
  rollbar
  rspec-rails
  select2-rails
  sessions!
  shoulda-matchers
  sinatra (>= 1.3.0)
  statistics!
  support!
  therubyracer
  uglifier (>= 1.3.0)
  whenever
  wiki!
  will_paginate
  will_paginate-bootstrap

BUNDLED WITH
   1.17.2
