PATH
  remote: .
  specs:
    announcements (0.0.1)
      activerecord-jdbcpostgresql-adapter
      carrierwave
      decorators (~> 1.0.2)
      kaminari
      kramdown
      maymay
      rails (~> 5.0)
      ransack
      sidekiq
      slim
      state_machine

GEM
  remote: https://rubygems.org/
  specs:
    actionmailer (5.2.4.4)
      actionpack (= 5.2.4.4)
      actionview (= 5.2.4.4)
      mail (~> 2.5, >= 2.5.4)
    actionpack (5.2.4.4)
      actionview (= 5.2.4.4)
      activesupport (= 5.2.4.4)
      rack (>= 2.0.0)
      rack-test (>= 2.0.0)
    actionview (5.2.4.4)
      activesupport (= 5.2.4.4)
      builder (~> 3.1)
      erubi (~> 1.4)
    activemodel (5.2.4.4)
      activesupport (= 5.2.4.4)
      builder (~> 3.1)
    activerecord (5.2.4.4)
      activemodel (= 5.2.4.4)
      activesupport (= 5.2.4.4)
      arel (~> 5.0.0)
    activerecord-jdbc-adapter (1.3.14)
      activerecord (>= 2.2)
    activerecord-jdbcpostgresql-adapter (1.3.14)
      activerecord-jdbc-adapter (~> 1.3.14)
      jdbc-postgres (>= 9.1)
    activesupport (5.2.4.4)
      i18n (~> 0.6, >= 0.6.9)
      json (~> 1.7, >= 1.7.7)
      minitest (~> 5.1)
      thread_safe (~> 0.1)
      tzinfo (~> 1.1)
    arel (5.0.1.20140414130214)
    builder (3.2.2)
    carrierwave (0.10.0)
      activemodel (>= 3.2.0)
      activesupport (>= 3.2.0)
      json (>= 1.7)
      mime-types (>= 1.16)
    celluloid (0.16.0)
      timers (~> 4.0.0)
    connection_pool (2.1.2)
    decorators (1.0.3)
      railties (>= 3.0.19, != 3.2.9, != 3.2.8, != 3.2.7, != 3.2.6, != 3.2.5, != 3.2.4, != 3.2.3, != 3.2.2, != 3.2.10, != 3.2.1, != 3.2.0, != 3.1.9, != 3.1.8, != 3.1.7, != 3.1.6, != 3.1.5, != 3.1.4, != 3.1.3, != 3.1.2, != 3.1.1, != 3.1.0)
    erubis (2.7.0)
    hike (1.2.3)
    hitimes (1.2.2-java)
    i18n (0.7.0)
    jdbc-postgres (9.4.1200)
    json (1.8.2-java)
    kaminari (0.16.3)
      actionpack (>= 3.0.0)
      activesupport (>= 3.0.0)
    kramdown (1.5.0)
    mail (2.6.3)
      mime-types (>= 1.16, < 3)
    maymay (0.0.2)
    mime-types (2.4.3)
    minitest (5.5.1)
    multi_json (1.11.0)
    polyamorous (1.1.0)
      activerecord (>= 3.0)
    rack (2.2.3)
    rack-test (2.0.7)
      rack (>= 2.0)
    rails (5.2.4.4)
      actionmailer (= 5.2.4.4)
      actionpack (= 5.2.4.4)
      actionview (= 5.2.4.4)
      activemodel (= 5.2.4.4)
      activerecord (= 5.2.4.4)
      activesupport (= 5.2.4.4)
      bundler (>= 1.3.0, < 2.0)
      railties (= 5.2.4.4)
      sprockets-rails (~> 2.0)
    railties (5.2.4.4)
      actionpack (= 5.2.4.4)
      activesupport (= 5.2.4.4)
      rake (>= 0.8.7)
      thor (>= 0.18.1, < 2.0)
    rake (10.4.2)
    ransack (2.1.1)
      actionpack (>= 3.0)
      activerecord (>= 3.0)
      activesupport (>= 3.0)
      i18n
      polyamorous (~> 1.1)
    redis (3.2.1)
    redis-namespace (1.5.1)
      redis (~> 3.0, >= 3.0.4)
    sidekiq (3.3.2)
      celluloid (>= 0.16.0)
      connection_pool (>= 2.1.1)
      json
      redis (>= 3.0.6)
      redis-namespace (>= 1.3.1)
    slim (3.0.2)
      temple (~> 0.7.3)
      tilt (>= 1.3.3, < 2.1)
    sprockets (2.12.3)
      hike (~> 1.2)
      multi_json (~> 1.0)
      rack (>= 1.0)
      tilt (~> 1.1, != 1.3.0)
    sprockets-rails (2.2.4)
      actionpack (>= 3.0)
      activesupport (>= 3.0)
      sprockets (>= 2.8, < 4.0)
    state_machine (1.2.0)
    temple (0.7.5)
    thor (0.19.1)
    thread_safe (0.3.4-java)
    tilt (1.4.1)
    timers (4.0.1)
      hitimes
    tzinfo (1.2.2)
      thread_safe (~> 0.1)

PLATFORMS
  java

DEPENDENCIES
  announcements!
